PATH
  remote: .
  specs:
    json_schemer (0.2.18)
      ecma-re-validator (~> 0.3)
      hana (~> 1.3)
      regexp_parser (~> 2.0)
      simpleidn (~> 0.2)
      uri_template (~> 0.7)

GEM
  remote: https://rubygems.org/
  specs:
    ecma-re-validator (0.3.0)
      regexp_parser (~> 2.0)
    hana (1.3.7)
    minitest (5.14.4)
    rake (13.0.6)
    regexp_parser (2.1.1)
    simpleidn (0.2.1)
      unf (~> 0.1.4)
    unf (0.1.4)
      unf_ext
    unf (0.1.4-java)
    unf_ext (0.0.8)
    uri_template (0.7.0)

PLATFORMS
  ruby
  universal-java-11

DEPENDENCIES
  bundler (~> 2.0)
  json_schemer!
  minitest (~> 5.0)
  rake (~> 13.0)

BUNDLED WITH
   2.2.29
